PATH
  remote: .
  specs:
    krypt-cmac (1.1.0)

GEM
  remote: https://rubygems.org/
  specs:
    ast (2.4.2)
    date (3.4.1)
    date (3.4.1-java)
    diff-lcs (1.6.0)
    docile (1.4.1)
    io-console (0.8.0)
    io-console (0.8.0-java)
    irb (1.15.1)
      pp (>= 0.6.0)
      rdoc (>= 4.0.0)
      reline (>= 0.4.2)
    jar-dependencies (0.5.5)
    json (2.10.2)
    json (2.10.2-java)
    language_server-protocol (3.17.0.4)
    lint_roller (1.1.0)
    parallel (1.26.3)
    parser (3.3.7.1)
      ast (~> 2.4.1)
      racc
    pp (0.6.2)
      prettyprint
    prettyprint (0.2.0)
    psych (5.2.3)
      date
      stringio
    psych (5.2.3-java)
      date
      jar-dependencies (>= 0.1.7)
    racc (1.8.1)
    racc (1.8.1-java)
    rainbow (3.1.1)
    rake (13.2.1)
    rdoc (6.12.0)
      psych (>= 4.0.0)
    regexp_parser (2.10.0)
    reline (0.6.0)
      io-console (~> 0.5)
    rspec (3.13.0)
      rspec-core (~> 3.13.0)
      rspec-expectations (~> 3.13.0)
      rspec-mocks (~> 3.13.0)
    rspec-core (3.13.3)
      rspec-support (~> 3.13.0)
    rspec-expectations (3.13.3)
      diff-lcs (>= 1.2.0, < 2.0)
      rspec-support (~> 3.13.0)
    rspec-mocks (3.13.2)
      diff-lcs (>= 1.2.0, < 2.0)
      rspec-support (~> 3.13.0)
    rspec-support (3.13.2)
    rubocop (1.71.2)
      json (~> 2.3)
      language_server-protocol (>= 3.17.0)
      parallel (~> 1.10)
      parser (>= 3.3.0.2)
      rainbow (>= 2.2.2, < 4.0)
      regexp_parser (>= 2.9.3, < 3.0)
      rubocop-ast (>= 1.38.0, < 2.0)
      ruby-progressbar (~> 1.7)
      unicode-display_width (>= 2.4.0, < 4.0)
    rubocop-ast (1.38.0)
      parser (>= 3.3.1.0)
    rubocop-performance (1.23.1)
      rubocop (>= 1.48.1, < 2.0)
      rubocop-ast (>= 1.31.1, < 2.0)
    ruby-progressbar (1.13.0)
    simplecov (0.22.0)
      docile (~> 1.1)
      simplecov-html (~> 0.11)
      simplecov_json_formatter (~> 0.1)
    simplecov-html (0.13.1)
    simplecov_json_formatter (0.1.4)
    standard (1.45.0)
      language_server-protocol (~> 3.17.0.2)
      lint_roller (~> 1.0)
      rubocop (~> 1.71.0)
      standard-custom (~> 1.0.0)
      standard-performance (~> 1.6)
    standard-custom (1.0.2)
      lint_roller (~> 1.0)
      rubocop (~> 1.50)
    standard-performance (1.6.0)
      lint_roller (~> 1.1)
      rubocop-performance (~> 1.23.0)
    stringio (3.1.5)
    unicode-display_width (3.1.4)
      unicode-emoji (~> 4.0, >= 4.0.4)
    unicode-emoji (4.0.4)
    yard (0.9.37)

PLATFORMS
  ruby
  universal-java-17
  x86_64-linux

DEPENDENCIES
  irb (~> 1.15)
  krypt-cmac!
  rake (~> 13.0)
  rdoc (~> 6.12)
  rspec (~> 3.0)
  simplecov (~> 0.22)
  standard (~> 1.3)
  yard (~> 0.9)

BUNDLED WITH
   2.6.5
